GEM
  remote: https://www.rubygems.org/
  specs:
    minitest (5.10.3)

PLATFORMS
  ruby

DEPENDENCIES
  minitest (= 5.10.3)

BUNDLED WITH
   1.15.4
